GEM
  remote: https://rubygems.org/
  specs:
    ruby-dbus (0.8.0)

PLATFORMS
  ruby

DEPENDENCIES
  ruby-dbus
